GIT
  remote: https://github.com/mislav/will_paginate.git
  revision: 8aa3a87022e4c17cb6ebf2ec0c9467bcdfd76b18
  specs:
    will_paginate (3.3.1)

GIT
  remote: https://github.com/phoet/ri_cal.git
  revision: 0c607408f931ebbbed1c5e4dd6e4eb22572f268f
  specs:
    ri_cal (0.8.8)
      activesupport (> 2.2)
      tzinfo (> 2.0)

GIT
  remote: https://github.com/q9f/omniauth-ethereum.rb.git
  revision: 2cca99a61ef6791acfed6f9f9b935059d8d272cd
  specs:
    omniauth-ethereum (0.2.1)
      eth (~> 0.5)
      omniauth (~> 2.1)

GIT
  remote: https://github.com/stephenreid321/activate-admin.git
  revision: 7b8eebdf046346c37b2e12c04fd7ea1cf05a1a12
  specs:
    activate-admin (0.0.12)
      activate-tools
      padrino
      will_paginate

GIT
  remote: https://github.com/stephenreid321/activate-tools.git
  revision: c94aaca8b38db33a24eb0d234b128b9985be902b
  specs:
    activate-tools (0.0.18)
      padrino

GEM
  remote: https://rubygems.org/
  specs:
    actionview (7.0.4.2)
      activesupport (= 7.0.4.2)
      builder (~> 3.1)
      erubi (~> 1.4)
      rails-dom-testing (~> 2.0)
      rails-html-sanitizer (~> 1.1, >= 1.2.0)
    activemodel (7.0.4.2)
      activesupport (= 7.0.4.2)
    activesupport (7.0.4.2)
      concurrent-ruby (~> 1.0, >= 1.0.2)
      i18n (>= 1.6, < 2)
      minitest (>= 5.1)
      tzinfo (~> 2.0)
    addressable (2.8.1)
      public_suffix (>= 2.0.2, < 6.0)
    airbrake (13.0.3)
      airbrake-ruby (~> 6.0)
    airbrake-ruby (6.2.0)
      rbtree3 (~> 0.5)
    ast (2.4.2)
    bazaar (0.0.2)
    bcrypt (3.1.18)
    bech32 (1.3.0)
      thor (>= 1.1.0)
    better_html (2.0.1)
      actionview (>= 6.0)
      activesupport (>= 6.0)
      ast (~> 2.0)
      erubi (~> 1.4)
      parser (>= 2.4)
      smart_properties
    bson (4.15.0)
    builder (3.2.4)
    capybara (3.38.0)
      addressable
      matrix
      mini_mime (>= 0.1.3)
      nokogiri (~> 1.8)
      rack (>= 1.6.0)
      rack-test (>= 0.6.3)
      regexp_parser (>= 1.5, < 3.0)
      xpath (~> 3.2)
    chroma (0.2.0)
    chunky_png (1.4.0)
    coinbase_commerce (0.8.7)
      faraday (~> 0.10)
    concurrent-ruby (1.2.0)
    connection_pool (2.3.0)
    countries (5.3.1)
      unaccent (~> 0.3)
    crass (1.0.6)
    crawler_detect (1.2.2)
      qonfig (~> 0.24)
    css_parser (1.14.0)
      addressable
    cuprite (0.14.3)
      capybara (~> 3.0)
      ferrum (~> 0.13.0)
    date (3.3.3)
    declarative (0.0.20)
    delayed_job (4.1.11)
      activesupport (>= 3.0, < 8.0)
    delayed_job_mongoid (3.0.0)
      delayed_job (>= 3.0, < 5)
      mongoid (>= 5.0)
    domain_name (0.5.20190701)
      unf (>= 0.0.5, < 1.0.0)
    dragonfly (1.4.0)
      addressable (~> 2.3)
      multi_json (~> 1.0)
      rack (>= 1.3)
    dragonfly-s3_data_store (1.3.0)
      dragonfly (~> 1.0)
      fog-aws
    email_address (0.2.4)
      simpleidn
    erb_lint (0.3.1)
      activesupport
      better_html (>= 2.0.1)
      parser (>= 2.7.1.4)
      rainbow
      rubocop
      smart_properties
    erubi (1.12.0)
    eth (0.5.10)
      keccak (~> 1.3)
      konstructor (~> 1.0)
      openssl (>= 2.2, < 4.0)
      rbsecp256k1 (~> 5.1)
      scrypt (~> 3.0)
    excon (0.99.0)
    factory_bot (6.2.1)
      activesupport (>= 5.0.0)
    faraday (0.17.6)
      multipart-post (>= 1.2, < 3)
    faraday-multipart (1.0.4)
      multipart-post (~> 2)
    ferrum (0.13)
      addressable (~> 2.5)
      concurrent-ruby (~> 1.1)
      webrick (~> 1.7)
      websocket-driver (>= 0.6, < 0.8)
    ffi (1.15.5)
    ffi-compiler (1.0.1)
      ffi (>= 1.0.0)
      rake
    fog-aws (3.17.0)
      fog-core (~> 2.1)
      fog-json (~> 1.1)
      fog-xml (~> 0.1)
    fog-core (2.3.0)
      builder
      excon (~> 0.71)
      formatador (>= 0.2, < 2.0)
      mime-types
    fog-json (1.2.0)
      fog-core
      multi_json (~> 1.10)
    fog-xml (0.1.4)
      fog-core
      nokogiri (>= 1.5.11, < 2.0.0)
    formatador (1.1.0)
    geocoder (1.8.1)
    gocardless_pro (2.34.0)
      faraday (>= 0.9.2, < 2)
    google-apis-core (0.11.0)
      addressable (~> 2.5, >= 2.5.1)
      googleauth (>= 0.16.2, < 2.a)
      httpclient (>= 2.8.1, < 3.a)
      mini_mime (~> 1.0)
      representable (~> 3.0)
      retriable (>= 2.0, < 4.a)
      rexml
      webrick
    google-apis-drive_v3 (0.34.0)
      google-apis-core (>= 0.9.1, < 2.a)
    google-apis-sheets_v4 (0.21.0)
      google-apis-core (>= 0.9.1, < 2.a)
    google_drive (3.0.7)
      google-apis-drive_v3 (>= 0.5.0, < 1.0.0)
      google-apis-sheets_v4 (>= 0.4.0, < 1.0.0)
      googleauth (>= 0.5.0, < 1.0.0)
      nokogiri (>= 1.5.3, < 2.0.0)
    googleauth (0.17.1)
      faraday (>= 0.17.3, < 2.0)
      jwt (>= 1.4, < 3.0)
      memoist (~> 0.16)
      multi_json (~> 1.11)
      os (>= 0.9, < 2.0)
      signet (~> 0.15)
    hashie (5.0.0)
    html_truncator (0.4.2)
      nokogiri (~> 1.5)
    htmlentities (4.3.4)
    http-accept (1.7.0)
    http-cookie (1.0.5)
      domain_name (~> 0.5)
    httpclient (2.8.3)
    i18n (1.12.0)
      concurrent-ruby (~> 1.0)
    incoming (0.2.0)
      mail (~> 2.4)
      rack
    io-console (0.6.0)
    irb (1.6.2)
      reline (>= 0.3.0)
    json (2.6.3)
    json-api-vanilla (1.0.4)
    jwt (2.7.0)
    keccak (1.3.1)
    koala (3.4.0)
      addressable
      faraday
      faraday-multipart
      json (>= 1.8)
      rexml
    konstructor (1.0.2)
    loofah (2.19.1)
      crass (~> 1.0.2)
      nokogiri (>= 1.5.9)
    mail (2.8.1)
      mini_mime (>= 0.1.1)
      net-imap
      net-pop
      net-smtp
    mailgun-ruby (1.2.6)
      rest-client (>= 2.0.2)
    matrix (0.4.2)
    mechanize (2.8.5)
      addressable (~> 2.8)
      domain_name (~> 0.5, >= 0.5.20190701)
      http-cookie (~> 1.0, >= 1.0.3)
      mime-types (~> 3.0)
      net-http-digest_auth (~> 1.4, >= 1.4.1)
      net-http-persistent (>= 2.5.2, < 5.0.dev)
      nokogiri (~> 1.11, >= 1.11.2)
      rubyntlm (~> 0.6, >= 0.6.3)
      webrick (~> 1.7)
      webrobots (~> 0.1.2)
    memoist (0.16.2)
    mime-types (3.4.1)
      mime-types-data (~> 3.2015)
    mime-types-data (3.2022.0105)
    mini_mime (1.1.2)
    mini_portile2 (2.8.1)
    minitest (5.17.0)
    minitest-rg (5.2.0)
      minitest (~> 5.0)
    moneta (1.1.1)
    money (6.16.0)
      i18n (>= 0.6.4, <= 2)
    money-uphold-bank (0.0.6)
      money (~> 6.12)
    mongo (2.18.2)
      bson (>= 4.14.1, < 5.0.0)
    mongoid (7.5.2)
      activemodel (>= 5.1, < 7.1, != 7.0.0)
      mongo (>= 2.10.5, < 3.0.0)
      ruby2_keywords (~> 0.0.5)
    mongoid_paranoia (0.5.0)
      mongoid (~> 7.3)
    multi_json (1.15.0)
    multipart-post (2.3.0)
    mustermann (3.0.0)
      ruby2_keywords (~> 0.0.1)
    net-http-digest_auth (1.4.1)
    net-http-persistent (4.0.1)
      connection_pool (~> 2.2)
    net-imap (0.3.4)
      date
      net-protocol
    net-pop (0.1.2)
      net-protocol
    net-protocol (0.2.1)
      timeout
    net-smtp (0.3.3)
      net-protocol
    netrc (0.11.0)
    nio4r (2.5.8)
    nokogiri (1.14.2)
      mini_portile2 (~> 2.8.0)
      racc (~> 1.4)
    omniauth (2.1.1)
      hashie (>= 3.4.6)
      rack (>= 2.2.3)
      rack-protection
    openssl (3.1.0)
    os (1.1.4)
    padrino (0.15.2)
      padrino-admin (= 0.15.2)
      padrino-cache (= 0.15.2)
      padrino-core (= 0.15.2)
      padrino-gen (= 0.15.2)
      padrino-helpers (= 0.15.2)
      padrino-mailer (= 0.15.2)
      padrino-support (= 0.15.2)
    padrino-admin (0.15.2)
      padrino-core (= 0.15.2)
      padrino-helpers (= 0.15.2)
    padrino-cache (0.15.2)
      moneta (~> 1.1.0)
      padrino-core (= 0.15.2)
      padrino-helpers (= 0.15.2)
    padrino-core (0.15.2)
      padrino-support (= 0.15.2)
      sinatra (>= 2.2.4)
      thor (~> 1.0)
    padrino-gen (0.15.2)
      bundler (>= 1.0, < 3)
      padrino-core (= 0.15.2)
    padrino-helpers (0.15.2)
      i18n (>= 0.6.7, < 2)
      padrino-support (= 0.15.2)
      tilt (>= 1.4.1, < 3)
    padrino-mailer (0.15.2)
      mail (~> 2.5)
      mime-types (< 4)
      padrino-core (= 0.15.2)
    padrino-support (0.15.2)
    parallel (1.22.1)
    parser (3.2.1.0)
      ast (~> 2.4.1)
    patreon (0.5.0)
      json-api-vanilla (~> 1.0.1)
      rack
    pdf-core (0.9.0)
    pkg-config (1.5.1)
    prawn (2.4.0)
      pdf-core (~> 0.9.0)
      ttfunk (~> 1.7)
    prawn-qrcode (0.5.2)
      prawn (>= 1)
      rqrcode (>= 1.0.0)
    prawn-table (0.2.2)
      prawn (>= 1.3.0, < 3.0.0)
    premailer (1.19.0)
      addressable
      css_parser (>= 1.12.0)
      htmlentities (>= 4.0.0)
    public_suffix (5.0.1)
    puma (6.1.0)
      nio4r (~> 2.0)
    pusher (2.0.3)
      httpclient (~> 2.8)
      multi_json (~> 1.15)
      pusher-signature (~> 0.1.8)
    pusher-signature (0.1.8)
    qonfig (0.28.0)
    racc (1.6.2)
    rack (2.2.6.2)
    rack-cors (2.0.0)
      rack (>= 2.0.0)
    rack-protection (3.0.5)
      rack
    rack-test (2.0.2)
      rack (>= 1.3)
    rack-utf8_sanitizer (1.8.0)
      rack (>= 1.0, < 4.0)
    rack_session_access (0.2.0)
      builder (>= 2.0.0)
      rack (>= 1.0.0)
    rails-dom-testing (2.0.3)
      activesupport (>= 4.2.0)
      nokogiri (>= 1.6)
    rails-html-sanitizer (1.5.0)
      loofah (~> 2.19, >= 2.19.1)
    rainbow (3.1.1)
    rake (13.0.6)
    rb-fsevent (0.11.2)
    rb-inotify (0.10.1)
      ffi (~> 1.0)
    rbsecp256k1 (5.1.1)
      mini_portile2 (~> 2.8)
      pkg-config (~> 1.5)
      rubyzip (~> 2.3)
    rbtree3 (0.7.0)
    redcarpet (3.6.0)
    regexp_parser (2.7.0)
    reline (0.3.2)
      io-console (~> 0.5)
    representable (3.2.0)
      declarative (< 0.1.0)
      trailblazer-option (>= 0.1.1, < 0.2.0)
      uber (< 0.2.0)
    rest-client (2.1.0)
      http-accept (>= 1.7.0, < 2.0)
      http-cookie (>= 1.0.2, < 2.0)
      mime-types (>= 1.16, < 4.0)
      netrc (~> 0.8)
    retriable (3.1.2)
    rexml (3.2.5)
    rinku (2.0.6)
    rqrcode (2.1.2)
      chunky_png (~> 1.0)
      rqrcode_core (~> 1.0)
    rqrcode_core (1.2.0)
    rubocop (1.45.1)
      json (~> 2.3)
      parallel (~> 1.10)
      parser (>= 3.2.0.0)
      rainbow (>= 2.2.2, < 4.0)
      regexp_parser (>= 1.8, < 3.0)
      rexml (>= 3.2.5, < 4.0)
      rubocop-ast (>= 1.24.1, < 2.0)
      ruby-progressbar (~> 1.7)
      unicode-display_width (>= 2.4.0, < 3.0)
    rubocop-ast (1.26.0)
      parser (>= 3.2.1.0)
    ruby-progressbar (1.11.0)
    ruby2_keywords (0.0.5)
    rubyntlm (0.6.3)
    rubyzip (2.3.2)
    sanitize (6.0.1)
      crass (~> 1.0.2)
      nokogiri (>= 1.12.0)
    sass (3.7.4)
      sass-listen (~> 4.0.0)
    sass-listen (4.0.0)
      rb-fsevent (~> 0.9, >= 0.9.4)
      rb-inotify (~> 0.9, >= 0.9.7)
    scrypt (3.0.7)
      ffi-compiler (>= 1.0, < 2.0)
    signet (0.17.0)
      addressable (~> 2.8)
      faraday (>= 0.17.5, < 3.a)
      jwt (>= 1.5, < 3.0)
      multi_json (~> 1.10)
    simpleidn (0.2.1)
      unf (~> 0.1.4)
    sinatra (3.0.5)
      mustermann (~> 3.0)
      rack (~> 2.2, >= 2.2.4)
      rack-protection (= 3.0.5)
      tilt (~> 2.0)
    smart_properties (1.17.0)
    stripe (8.2.0)
    strong_password (0.0.10)
    thor (1.2.1)
    tilt (2.0.11)
    timeout (0.3.1)
    timezone (1.3.21)
    trailblazer-option (0.1.2)
    ttfunk (1.7.0)
    tzinfo (2.0.6)
      concurrent-ruby (~> 1.0)
    uber (0.1.0)
    unaccent (0.4.0)
    unf (0.1.4)
      unf_ext
    unf_ext (0.0.8.2)
    unicode-display_width (2.4.2)
    webrick (1.8.1)
    webrobots (0.1.2)
    websocket-driver (0.7.5)
      websocket-extensions (>= 0.1.0)
    websocket-extensions (0.1.5)
    xpath (3.2.0)
      nokogiri (~> 1.8)

PLATFORMS
  ruby

DEPENDENCIES
  activate-admin!
  activate-tools!
  activemodel
  addressable
  airbrake
  bazaar
  bcrypt
  bech32
  better_html
  capybara
  chroma
  coinbase_commerce
  countries
  crawler_detect
  cuprite
  delayed_job_mongoid
  dragonfly
  dragonfly-s3_data_store
  email_address
  erb_lint
  factory_bot
  geocoder
  gocardless_pro
  google_drive
  html_truncator
  incoming
  irb
  jwt
  koala
  mail
  mailgun-ruby
  mechanize
  minitest-rg
  money
  money-uphold-bank
  mongoid (~> 7.0)
  mongoid_paranoia
  omniauth
  omniauth-ethereum!
  padrino
  patreon
  prawn
  prawn-qrcode
  prawn-table
  premailer
  puma
  pusher
  rack-cors
  rack-utf8_sanitizer
  rack_session_access
  rake
  redcarpet
  ri_cal!
  rinku
  rqrcode
  rubocop
  sanitize
  sass
  sinatra
  stripe
  strong_password
  timezone
  will_paginate!

RUBY VERSION
   ruby 2.7.7p221

BUNDLED WITH
   2.4.6
